GEM
  remote: https://rubygems.org/
  specs:
    cocoapods-bazel (0.1.5)
      starlark_compiler (~> 0.3)
    starlark_compiler (0.5.0)

PLATFORMS
  ruby

DEPENDENCIES
  cocoapods-bazel

BUNDLED WITH
   2.3.26
